GIT
  remote: git@github.com:StateOfAmbition/api_client.git
  revision: 138c8500153f1a1f3f3bbe76ac477076eb2b04ee
  specs:
    api_client (1.0)
      rest-client (>= 2.0.2, < 2.2.0)

PATH
  remote: .
  specs:
    tito_client (2.0)

GEM
  remote: https://rubygems.org/
  specs:
    domain_name (0.5.20190701)
      unf (>= 0.0.5, < 1.0.0)
    http-accept (1.7.0)
    http-cookie (1.0.3)
      domain_name (~> 0.5)
    mime-types (3.3.1)
      mime-types-data (~> 3.2015)
    mime-types-data (3.2019.1009)
    netrc (0.11.0)
    rest-client (2.1.0)
      http-accept (>= 1.7.0, < 2.0)
      http-cookie (>= 1.0.2, < 2.0)
      mime-types (>= 1.16, < 4.0)
      netrc (~> 0.8)
    unf (0.1.4)
      unf_ext
    unf_ext (0.0.7.6)

PLATFORMS
  ruby

DEPENDENCIES
  api_client!
  tito_client!

BUNDLED WITH
   1.17.2
