GIT
  remote: git@github.com:StateOfAmbition/api_client.git
  revision: 02d4a85ef4382b2afe76717ba3cb0c4364f7edba
  specs:
    api_client (0.2.8)
      rest-client (~> 2.0.2)

PATH
  remote: .
  specs:
    tito_client (0.1.8)

GEM
  remote: https://rubygems.org/
  specs:
    domain_name (0.5.20190701)
      unf (>= 0.0.5, < 1.0.0)
    http-cookie (1.0.3)
      domain_name (~> 0.5)
    mime-types (3.3)
      mime-types-data (~> 3.2015)
    mime-types-data (3.2019.1009)
    netrc (0.11.0)
    rest-client (2.0.2)
      http-cookie (>= 1.0.2, < 2.0)
      mime-types (>= 1.16, < 4.0)
      netrc (~> 0.8)
    unf (0.1.4)
      unf_ext
    unf_ext (0.0.7.6)

PLATFORMS
  ruby

DEPENDENCIES
  api_client!
  tito_client!

BUNDLED WITH
   1.16.0
